GEM
  remote: http://rubygems.org/
  specs:
    activemodel (3.2.9)
      activesupport (= 3.2.9)
      builder (~> 3.0.0)
    activesupport (3.2.9)
      i18n (~> 0.6)
      multi_json (~> 1.0)
    bson (1.7.1)
    bson_ext (1.7.1)
      bson (~> 1.7.1)
    builder (3.0.4)
    childprocess (0.3.6)
      ffi (~> 1.0, >= 1.0.6)
    coderay (1.0.8)
    diff-lcs (1.1.3)
    ffi (1.2.0)
    guard (1.5.4)
      listen (>= 0.4.2)
      lumberjack (>= 1.0.2)
      pry (>= 0.9.10)
      thor (>= 0.14.6)
    guard-rspec (1.2.1)
      guard (>= 1.1)
    guard-spork (1.2.3)
      childprocess (>= 0.2.3)
      guard (>= 1.1)
      spork (>= 0.8.4)
      sys-proctable
    i18n (0.6.1)
    json (1.7.5)
    listen (0.6.0)
    lumberjack (1.0.2)
    method_source (0.8.1)
    mongo (1.7.1)
      bson (~> 1.7.1)
    mongoid (3.0.14)
      activemodel (~> 3.1)
      moped (~> 1.1)
      origin (~> 1.0)
      tzinfo (~> 0.3.22)
    moped (1.3.0)
    multi_json (1.3.7)
    origin (1.0.11)
    pry (0.9.10)
      coderay (~> 1.0.5)
      method_source (~> 0.8)
      slop (~> 3.3.1)
    qu (0.1.4)
      multi_json
    qu-mongo (0.1.4)
      mongo
      qu (= 0.1.4)
    qu-mongoid (0.2.0)
      mongoid (~> 3.0)
      qu
    rdoc (3.12)
      json (~> 1.4)
    rspec (2.8.0)
      rspec-core (~> 2.8.0)
      rspec-expectations (~> 2.8.0)
      rspec-mocks (~> 2.8.0)
    rspec-core (2.8.0)
    rspec-expectations (2.8.0)
      diff-lcs (~> 1.1.2)
    rspec-mocks (2.8.0)
    slop (3.3.3)
    spork (0.9.2)
    sys-proctable (0.9.2)
    thor (0.16.0)
    timecop (0.5.3)
    tzinfo (0.3.35)

PLATFORMS
  ruby

DEPENDENCIES
  bson_ext
  bundler (~> 1.2.0)
  guard
  guard-rspec
  guard-spork
  qu (= 0.1.4)
  qu-mongo
  qu-mongoid
  rdoc (~> 3.12)
  rspec (~> 2.8.0)
  spork
  timecop
